GIT
  remote: https://github.com/hmarr/raven-ruby.git
  revision: 0db13c48672d85e1d15d1679d66f9d22c6c7a017
  branch: server-name-fix
  specs:
    sentry-raven (0.2)
      faraday (~> 0.8.0.rc2)
      hashie
      uuidtools
      yajl-ruby

PATH
  remote: .
  specs:
    hutch (0.0.1)
      bunny (~> 0.9.0.pre6)
      carrot-top (~> 0.0.7)
      multi_json (~> 1.5)

GEM
  remote: http://rubygems.org/
  specs:
    amq-protocol (1.1.0)
    bunny (0.9.0.pre6)
      amq-protocol (>= 1.0.1)
    carrot-top (0.0.7)
      json
    columnize (0.3.6)
    debugger (1.2.4)
      columnize (>= 0.3.1)
      debugger-linecache (~> 1.1.1)
      debugger-ruby_core_source (~> 1.1.7)
    debugger-linecache (1.1.2)
      debugger-ruby_core_source (>= 1.1.1)
    debugger-ruby_core_source (1.1.7)
    diff-lcs (1.1.3)
    faraday (0.8.7)
      multipart-post (~> 1.1)
    growl (1.0.3)
    guard (0.8.8)
      thor (~> 0.14.6)
    guard-rspec (0.5.11)
      guard (>= 0.8.4)
    hashie (2.0.3)
    json (1.7.6)
    multi_json (1.5.0)
    multipart-post (1.2.0)
    rake (10.0.3)
    rb-fsevent (0.9.3)
    rspec (2.12.0)
      rspec-core (~> 2.12.0)
      rspec-expectations (~> 2.12.0)
      rspec-mocks (~> 2.12.0)
    rspec-core (2.12.2)
    rspec-expectations (2.12.1)
      diff-lcs (~> 1.1.3)
    rspec-mocks (2.12.1)
    thor (0.14.6)
    uuidtools (2.1.3)
    yajl-ruby (1.1.0)

PLATFORMS
  ruby

DEPENDENCIES
  debugger
  growl (~> 1.0.3)
  guard (~> 0.8.8)
  guard-rspec (~> 0.5.4)
  hutch!
  rake
  rb-fsevent (~> 0.9)
  rspec (~> 2.12.0)
  sentry-raven!
